GEM
  remote: https://rubygems.org/
  specs:
    dalli (2.7.6)
    diff-lcs (1.2.5)
    emoji_data (0.2.0)
    hiredis (0.6.1)
    kgio (2.10.0)
    memcachier (0.0.2)
    newrelic_rpm (3.16.2.321)
    oj (2.9.9)
    rack (1.6.4)
    rack-cache (1.5.1)
      rack (>= 0.4)
    rack-protection (1.5.3)
      rack
    rack-timeout (0.3.2)
    raindrops (0.17.0)
    redis (3.0.7)
    rspec (2.14.1)
      rspec-core (~> 2.14.0)
      rspec-expectations (~> 2.14.0)
      rspec-mocks (~> 2.14.0)
    rspec-core (2.14.8)
    rspec-expectations (2.14.5)
      diff-lcs (>= 1.1.3, < 2.0)
    rspec-mocks (2.14.6)
    sinatra (1.4.7)
      rack (~> 1.5)
      rack-protection (~> 1.4)
      tilt (>= 1.3, < 3)
    tilt (2.0.5)
    unicorn (4.8.3)
      kgio (~> 2.6)
      rack
      raindrops (~> 0.7)

PLATFORMS
  ruby

DEPENDENCIES
  dalli (~> 2.7.4)
  emoji_data (~> 0.2.0)
  hiredis (~> 0.6.0)
  memcachier (~> 0.0.2)
  newrelic_rpm
  oj (~> 2.9.9)
  rack-cache (~> 1.5.1)
  rack-timeout (~> 0.3.2)
  redis (~> 3.0.7)
  rspec (~> 2.14.1)
  sinatra (~> 1.4.6)
  unicorn (~> 4.8.3)

RUBY VERSION
   ruby 2.3.1p112

BUNDLED WITH
   1.12.4
