GEM
  remote: https://rubygems.org/
  specs:
    dalli (2.7.6)
    emoji_data (0.2.0)
    hiredis (0.6.1)
    kgio (2.10.0)
    newrelic_rpm (3.16.2.321)
    oj (2.17.3)
    puma (3.6.0)
    rack (1.6.4)
    rack-cache (1.6.1)
      rack (>= 0.4)
    rack-protection (1.5.3)
      rack
    redis (3.0.7)
    sinatra (1.4.7)
      rack (~> 1.5)
      rack-protection (~> 1.4)
      tilt (>= 1.3, < 3)
    tilt (2.0.5)

PLATFORMS
  ruby

DEPENDENCIES
  dalli (~> 2.7.4)
  emoji_data (~> 0.2.0)
  hiredis (~> 0.6.0)
  kgio (~> 2.10.0)
  newrelic_rpm
  oj (~> 2.17.3)
  puma (~> 3.6.0)
  rack-cache (~> 1.6.1)
  redis (~> 3.0.7)
  sinatra (~> 1.4.6)

RUBY VERSION
   ruby 2.3.1p112

BUNDLED WITH
   1.12.4
