GEM
  remote: https://rubygems.org/
  specs:
    ansi (1.5.0)
    ast (2.4.2)
    backport (1.1.2)
    benchmark (0.1.1)
    builder (3.2.3)
    colorize (0.8.1)
    dalli (2.7.8)
    e2mmap (0.1.0)
    emoji_data (0.2.0)
    fasterer (0.4.1)
      colorize (~> 0.7)
      ruby_parser (~> 3.11.0)
    hiredis (0.6.1)
    jaro_winkler (1.5.4)
    kramdown (2.3.1)
      rexml
    kramdown-parser-gfm (1.1.0)
      kramdown (~> 2.0)
    metaclass (0.0.4)
    mini_portile2 (2.5.1)
    minitest (5.11.3)
    minitest-reporters (1.3.0)
      ansi
      builder
      minitest (>= 5.0)
      ruby-progressbar
    mocha (1.5.0)
      metaclass (~> 0.0.1)
    mustermann (1.0.2)
    newrelic_rpm (5.2.0.345)
    nio4r (2.5.7)
    nokogiri (1.11.3)
      mini_portile2 (~> 2.5.0)
      racc (~> 1.4)
    oj (3.6.3)
    parallel (1.20.1)
    parser (3.0.1.1)
      ast (~> 2.4.1)
    puma (4.3.8)
      nio4r (~> 2.0)
    racc (1.5.2)
    rack (2.2.3)
    rack-cache (1.8.0)
      rack (>= 0.4)
    rack-protection (2.0.3)
      rack
    rack-test (1.0.0)
      rack (>= 1.0, < 3)
    rainbow (3.0.0)
    redis (4.0.1)
    regexp_parser (2.1.1)
    reverse_markdown (2.0.0)
      nokogiri
    rexml (3.2.5)
    rubocop (1.14.0)
      parallel (~> 1.10)
      parser (>= 3.0.0.0)
      rainbow (>= 2.2.2, < 4.0)
      regexp_parser (>= 1.8, < 3.0)
      rexml
      rubocop-ast (>= 1.5.0, < 2.0)
      ruby-progressbar (~> 1.7)
      unicode-display_width (>= 1.4.0, < 3.0)
    rubocop-ast (1.5.0)
      parser (>= 3.0.1.1)
    ruby-progressbar (1.9.0)
    ruby_parser (3.11.0)
      sexp_processor (~> 4.9)
    rufo (0.3.1)
    sexp_processor (4.11.0)
    sinatra (2.0.3)
      mustermann (~> 1.0)
      rack (~> 2.0)
      rack-protection (= 2.0.3)
      tilt (~> 2.0)
    solargraph (0.40.4)
      backport (~> 1.1)
      benchmark
      bundler (>= 1.17.2)
      e2mmap
      jaro_winkler (~> 1.5)
      kramdown (~> 2.3)
      kramdown-parser-gfm (~> 1.1)
      parser (~> 3.0)
      reverse_markdown (>= 1.0.5, < 3)
      rubocop (>= 0.52)
      thor (~> 1.0)
      tilt (~> 2.0)
      yard (~> 0.9, >= 0.9.24)
    thor (1.1.0)
    tilt (2.0.8)
    unicode-display_width (2.0.0)
    yard (0.9.26)

PLATFORMS
  ruby

DEPENDENCIES
  dalli (~> 2.7.8)
  emoji_data (~> 0.2.0)
  fasterer (~> 0.4.1)
  hiredis (~> 0.6.1)
  minitest (~> 5.11.3)
  minitest-reporters (~> 1.3.0)
  mocha (~> 1.5.0)
  newrelic_rpm
  oj (~> 3.6.3)
  puma (~> 4.3.8)
  rack-cache (~> 1.8.0)
  rack-test (~> 1.0.0)
  redis (~> 4.0.1)
  rufo (~> 0.3.1)
  sinatra (~> 2.0.3)
  solargraph (~> 0.40.4)

RUBY VERSION
   ruby 2.7.3p183

BUNDLED WITH
   2.1.4
