GEM
  remote: https://rubygems.org/
  specs:
    ansi (1.5.0)
    ast (2.4.0)
    builder (3.2.3)
    coderay (1.1.2)
    colorize (0.8.1)
    dalli (2.7.8)
    emoji_data (0.2.0)
    eventmachine (1.2.7)
    fasterer (0.4.1)
      colorize (~> 0.7)
      ruby_parser (~> 3.11.0)
    hiredis (0.6.1)
    htmlentities (4.3.4)
    jaro_winkler (1.5.1)
    kramdown (1.17.0)
    metaclass (0.0.4)
    mini_portile2 (2.3.0)
    minitest (5.11.3)
    minitest-reporters (1.3.0)
      ansi
      builder
      minitest (>= 5.0)
      ruby-progressbar
    mocha (1.5.0)
      metaclass (~> 0.0.1)
    mustermann (1.0.2)
    newrelic_rpm (5.2.0.345)
    nokogiri (1.8.4)
      mini_portile2 (~> 2.3.0)
    oj (3.6.3)
    parallel (1.12.1)
    parser (2.5.1.2)
      ast (~> 2.4.0)
    powerpack (0.1.2)
    puma (3.11.4)
    rack (2.0.5)
    rack-cache (1.8.0)
      rack (>= 0.4)
    rack-protection (2.0.3)
      rack
    rack-test (1.0.0)
      rack (>= 1.0, < 3)
    rainbow (3.0.0)
    redis (4.0.1)
    reverse_markdown (1.1.0)
      nokogiri
    rubocop (0.58.1)
      jaro_winkler (~> 1.5.1)
      parallel (~> 1.10)
      parser (>= 2.5, != 2.5.1.1)
      powerpack (~> 0.1)
      rainbow (>= 2.2.2, < 4.0)
      ruby-progressbar (~> 1.7)
      unicode-display_width (~> 1.0, >= 1.0.1)
    ruby-progressbar (1.9.0)
    ruby_parser (3.11.0)
      sexp_processor (~> 4.9)
    rufo (0.3.1)
    sexp_processor (4.11.0)
    sinatra (2.0.3)
      mustermann (~> 1.0)
      rack (~> 2.0)
      rack-protection (= 2.0.3)
      tilt (~> 2.0)
    solargraph (0.23.4)
      coderay (~> 1.1)
      eventmachine (~> 1.2, >= 1.2.5)
      htmlentities (~> 4.3, >= 4.3.4)
      kramdown (~> 1.16)
      parser (~> 2.4)
      reverse_markdown (~> 1.0, >= 1.0.5)
      rubocop (~> 0.52)
      thor (~> 0.19, >= 0.19.4)
      tilt (~> 2.0)
      yard (~> 0.9)
    thor (0.20.0)
    tilt (2.0.8)
    unicode-display_width (1.4.0)
    yard (0.9.14)

PLATFORMS
  ruby

DEPENDENCIES
  dalli (~> 2.7.8)
  emoji_data (~> 0.2.0)
  fasterer (~> 0.4.1)
  hiredis (~> 0.6.1)
  minitest (~> 5.11.3)
  minitest-reporters (~> 1.3.0)
  mocha (~> 1.5.0)
  newrelic_rpm
  oj (~> 3.6.3)
  puma (~> 3.11.4)
  rack-cache (~> 1.8.0)
  rack-test (~> 1.0.0)
  redis (~> 4.0.1)
  rufo (~> 0.3.1)
  sinatra (~> 2.0.3)
  solargraph (~> 0.23.4)

RUBY VERSION
   ruby 2.5.1p57

BUNDLED WITH
   1.16.2
