GEM
  remote: https://rubygems.org/
  specs:
    dalli (2.7.6)
    emoji_data (0.2.0)
    hiredis (0.6.1)
    kgio (2.10.0)
    mustermann (1.0.2)
    newrelic_rpm (3.16.2.321)
    oj (3.6.3)
    puma (3.11.4)
    rack (2.0.5)
    rack-cache (1.8.0)
      rack (>= 0.4)
    rack-protection (2.0.3)
      rack
    redis (3.0.7)
    sinatra (2.0.3)
      mustermann (~> 1.0)
      rack (~> 2.0)
      rack-protection (= 2.0.3)
      tilt (~> 2.0)
    tilt (2.0.8)

PLATFORMS
  ruby

DEPENDENCIES
  dalli (~> 2.7.4)
  emoji_data (~> 0.2.0)
  hiredis (~> 0.6.0)
  kgio (~> 2.10.0)
  newrelic_rpm
  oj (~> 3.6.3)
  puma (~> 3.11.4)
  rack-cache (~> 1.8.0)
  redis (~> 3.0.7)
  sinatra (~> 2.0.3)

RUBY VERSION
   ruby 2.5.1p57

BUNDLED WITH
   1.16.1
