GEM
  remote: https://rubygems.org/
  specs:
    dalli (2.7.8)
    emoji_data (0.2.0)
    hiredis (0.6.1)
    mustermann (1.0.2)
    newrelic_rpm (5.2.0.345)
    oj (3.6.3)
    puma (3.11.4)
    rack (2.0.5)
    rack-cache (1.8.0)
      rack (>= 0.4)
    rack-protection (2.0.3)
      rack
    redis (4.0.1)
    sinatra (2.0.3)
      mustermann (~> 1.0)
      rack (~> 2.0)
      rack-protection (= 2.0.3)
      tilt (~> 2.0)
    tilt (2.0.8)

PLATFORMS
  ruby

DEPENDENCIES
  dalli (~> 2.7.8)
  emoji_data (~> 0.2.0)
  hiredis (~> 0.6.1)
  newrelic_rpm
  oj (~> 3.6.3)
  puma (~> 3.11.4)
  rack-cache (~> 1.8.0)
  redis (~> 4.0.1)
  sinatra (~> 2.0.3)

RUBY VERSION
   ruby 2.5.1p57

BUNDLED WITH
   1.16.2
